REDIRECTS: ON
RESTRICTION: == net45
NUGET
  remote: https://www.nuget.org/api/v2
    Argu (3.7)
    FSharp.Core (4.0.0.1)
    FsPickler (4.5)
      FSharp.Core (>= 3.1)
    FsPickler.Json (4.5)
      FSharp.Core (>= 3.1)
      FsPickler (4.5)
      Newtonsoft.Json (>= 6.0.5)
    Mono.Cecil (0.10.0-beta6)
    Newtonsoft.Json (10.0.3)
    Streams (0.4.1)
    Thespian (0.1.16)
      FSharp.Core (>= 3.1)
      FsPickler (>= 4.0 < 5.0)
    Vagabond (0.15)
      FsPickler (>= 4.0 < 5.0)
      Mono.Cecil (>= 0.10.0-beta6)

GROUP Build
REDIRECTS: ON
RESTRICTION: == net45
NUGET
  remote: https://www.nuget.org/api/v2
    FAKE (4.63.2)
    NuGet.CommandLine (4.3)
    Octokit (0.27)
    SourceLink.Fake (1.1)
GITHUB
  remote: fsharp/FAKE
    modules/Octokit/Octokit.fsx (838f43e1e6ac18014b2515799fe7fa0e23186fbc)
      Octokit (>= 0.20)
GROUP Test
REDIRECTS: ON
RESTRICTION: == net45
NUGET
  remote: https://www.nuget.org/api/v2
    FsCheck (2.10.3)
      FSharp.Core (>= 4.1)
    FSharp.Compiler.Service (16.0.2)
      System.Collections.Immutable (>= 1.3.1)
      System.Reflection.Metadata (>= 1.4.2)
    FSharp.Core (4.2.3)
    FsPickler (4.5)
      FSharp.Core (>= 3.1)
    MathNet.Numerics (3.7.1)
    MathNet.Numerics.FSharp (3.7.1)
      FSharp.Core (>= 3.1.2.1)
      MathNet.Numerics (3.7.1)
    MathNet.Numerics.MKL.Win-x64 (1.8)
      MathNet.Numerics (>= 2.4)
    Microsoft.NETCore.Platforms (2.0)
    Mono.Cecil (0.10.0-beta6)
    NETStandard.Library (2.0.1)
      Microsoft.NETCore.Platforms (>= 1.1)
      System.Runtime.InteropServices.RuntimeInformation (>= 4.3)
    NUnit (2.6.4)
    NUnit.Runners (2.6.4)
    Streams (0.4.1)
    Streams.CSharp (0.4.1)
      Streams (0.4.1)
    System.Collections.Immutable (1.4)
      NETStandard.Library (>= 1.6.1)
    System.Reflection.Metadata (1.4.2)
      System.Collections.Immutable (>= 1.3.1)
    System.Runtime.InteropServices.RuntimeInformation (4.3)
    System.Runtime.Loader (4.3)
    Thespian (0.1.16)
      FSharp.Core (>= 3.1)
      FsPickler (>= 4.0 < 5.0)
    Unquote (3.2)
    Vagabond (0.15)
      FsPickler (>= 4.0 < 5.0)
      Mono.Cecil (>= 0.10.0-beta6)
